GEM
  remote: https://rubygems.org/
  specs:
    minitest (5.15.0)

PLATFORMS
  ruby

DEPENDENCIES
  minitest

BUNDLED WITH
   2.2.32
